GEM
  remote: http://rubygems.org/
  specs:
    RedCloth (4.2.7)
    activesupport (3.0.7)
    classifier (1.3.3)
      fast-stemmer (>= 1.0.0)
    daemons (1.3.1)
    directory_watcher (1.4.0)
    eventmachine (1.2.7)
    fast-stemmer (1.0.0)
    foreman (0.13.0)
      term-ansicolor (~> 1.0.5)
      thor (>= 0.13.6)
    i18n (0.4.2)
    jekyll (0.10.0)
      classifier (>= 1.3.1)
      directory_watcher (>= 1.1.1)
      liquid (>= 1.9.0)
      maruku (>= 0.5.9)
    liquid (2.2.2)
    maruku (0.6.0)
      syntax (>= 1.0.0)
    rack (1.2.8)
    serve (1.0.0)
      activesupport (~> 3.0.1)
      i18n (~> 0.4.1)
      rack (~> 1.2.1)
      tzinfo (~> 0.3.23)
    syntax (1.0.0)
    term-ansicolor (1.0.5)
    thin (1.7.2)
      daemons (~> 1.0, >= 1.0.9)
      eventmachine (~> 1.0, >= 1.0.4)
      rack (>= 1, < 3)
    thor (0.14.6)
    tzinfo (0.3.27)

PLATFORMS
  ruby

DEPENDENCIES
  RedCloth (~> 4.2)
  foreman (~> 0.13)
  jekyll (~> 0.10)
  serve (~> 1.0)
  thin (~> 1.2, >= 1.2.11)

BUNDLED WITH
   1.17.3
