GEM
  remote: http://rubygems.org/
  specs:
    RedCloth (4.2.7)
    activesupport (3.2.22.5)
      i18n (~> 0.6, >= 0.6.4)
      multi_json (~> 1.0)
    classifier (1.3.3)
      fast-stemmer (>= 1.0.0)
    concurrent-ruby (1.1.5)
    daemons (1.1.3)
    directory_watcher (1.4.0)
    eventmachine (0.12.10)
    fast-stemmer (1.0.0)
    foreman (0.13.0)
      term-ansicolor (~> 1.0.5)
      thor (>= 0.13.6)
    i18n (0.9.5)
      concurrent-ruby (~> 1.0)
    jekyll (0.10.0)
      classifier (>= 1.3.1)
      directory_watcher (>= 1.1.1)
      liquid (>= 1.9.0)
      maruku (>= 0.5.9)
    liquid (2.2.2)
    maruku (0.6.0)
      syntax (>= 1.0.0)
    multi_json (1.14.1)
    rack (1.5.5)
    rack-test (0.6.3)
      rack (>= 1.0)
    serve (1.5.2)
      activesupport (~> 3.2.12)
      i18n
      rack (~> 1.5.2)
      rack-test (~> 0.6.2)
      tilt (~> 1.3.3)
      tzinfo
    syntax (1.0.0)
    term-ansicolor (1.0.5)
    thin (1.2.11)
      daemons (>= 1.0.9)
      eventmachine (>= 0.12.6)
      rack (>= 1.0.0)
    thor (0.14.6)
    tilt (1.3.7)
    tzinfo (2.0.0)
      concurrent-ruby (~> 1.0)

PLATFORMS
  ruby

DEPENDENCIES
  RedCloth (~> 4.2)
  foreman (~> 0.13)
  jekyll (~> 0.10)
  serve (~> 1.0, >= 1.0.0)
  thin (~> 1.2)

BUNDLED WITH
   1.17.3
