GEM
  remote: http://rubygems.org/
  specs:
    RedCloth (4.2.7)
    activesupport (3.2.22.5)
      i18n (~> 0.6, >= 0.6.4)
      multi_json (~> 1.0)
    classifier (1.3.3)
      fast-stemmer (>= 1.0.0)
    concurrent-ruby (1.1.3)
    daemons (1.2.6)
    directory_watcher (1.4.0)
    eventmachine (1.2.7)
    fast-stemmer (1.0.0)
    foreman (0.13.0)
      term-ansicolor (~> 1.0.5)
      thor (>= 0.13.6)
    i18n (0.9.5)
      concurrent-ruby (~> 1.0)
    jekyll (0.10.0)
      classifier (>= 1.3.1)
      directory_watcher (>= 1.1.1)
      liquid (>= 1.9.0)
      maruku (>= 0.5.9)
    liquid (2.2.2)
    maruku (0.6.0)
      syntax (>= 1.0.0)
    multi_json (1.13.1)
    rack (1.5.5)
    rack-test (0.6.3)
      rack (>= 1.0)
    serve (1.5.2)
      activesupport (~> 3.2.12)
      i18n
      rack (~> 1.5.2)
      rack-test (~> 0.6.2)
      tilt (~> 1.3.3)
      tzinfo
    syntax (1.0.0)
    term-ansicolor (1.0.5)
    thin (1.7.2)
      daemons (~> 1.0, >= 1.0.9)
      eventmachine (~> 1.0, >= 1.0.4)
      rack (>= 1, < 3)
    thor (0.14.6)
    thread_safe (0.3.6)
    tilt (1.3.7)
    tzinfo (1.2.5)
      thread_safe (~> 0.1)

PLATFORMS
  ruby

DEPENDENCIES
  RedCloth (~> 4.2)
  foreman (~> 0.13)
  jekyll (~> 0.10)
  serve (~> 1.5, >= 1.5.0)
  thin (~> 1.2, >= 1.2.11)

BUNDLED WITH
   1.16.6
